GEM
  remote: https://rubygems.org/
  specs:
    graphql_java_gen (0.1.0)
      graphql_schema (~> 0.1.1)
    graphql_schema (0.1.3)

PLATFORMS
  ruby

DEPENDENCIES
  graphql_java_gen

BUNDLED WITH
   1.14.3
